GIT
  remote: git://github.com/tildeio/turboruby.git
  revision: 3dbe015d5c639fbcc96622129dc92afd234206ff
  specs:
    turboruby (0.1.0.alpha.1)
      activesupport (>= 4.0)

GEM
  remote: https://rubygems.org/
  specs:
    activesupport (4.2.5)
      i18n (~> 0.7)
      json (~> 1.7, >= 1.7.7)
      minitest (~> 5.1)
      thread_safe (~> 0.3, >= 0.3.4)
      tzinfo (~> 1.1)
    i18n (0.7.0)
    json (1.8.3)
    minitest (5.8.3)
    thread_safe (0.3.5)
    tzinfo (1.2.2)
      thread_safe (~> 0.1)

PLATFORMS
  ruby

DEPENDENCIES
  turboruby!

BUNDLED WITH
   1.10.6
